GEM
  remote: https://rubygems.org/
  specs:
    childprocess (3.0.0)
    opl (2.5.2)
      rglpk (~> 0.4.0)
    rglpk (0.4.0)
    rubyzip (2.3.0)
    selenium-webdriver (3.142.7)
      childprocess (>= 0.5, < 4.0)
      rubyzip (>= 1.2.2)

PLATFORMS
  ruby

DEPENDENCIES
  opl
  selenium-webdriver

RUBY VERSION
   ruby 2.6.3p62

BUNDLED WITH
   2.0.2
